GEM
  remote: https://rubygems.org/
  specs:
    aasm (4.12.3)
      concurrent-ruby (~> 1.0)
    act-fluent-logger-rails (0.6.4)
      activesupport (>= 4)
      fluent-logger
      railties (>= 4)
    actioncable (5.2.8.1)
      actionpack (= 5.2.8.1)
      nio4r (~> 2.0)
      websocket-driver (>= 0.6.1)
    actionmailer (5.2.8.1)
      actionpack (= 5.2.8.1)
      actionview (= 5.2.8.1)
      activejob (= 5.2.8.1)
      mail (~> 2.5, >= 2.5.4)
      rails-dom-testing (~> 2.0)
    actionpack (5.2.8.1)
      actionview (= 5.2.8.1)
      activesupport (= 5.2.8.1)
      rack (~> 2.0, >= 2.0.8)
      rack-test (>= 0.6.3)
      rails-dom-testing (~> 2.0)
      rails-html-sanitizer (~> 1.0, >= 1.0.2)
    actionview (5.2.8.1)
      activesupport (= 5.2.8.1)
      builder (~> 3.1)
      erubi (~> 1.4)
      rails-dom-testing (~> 2.0)
      rails-html-sanitizer (~> 1.0, >= 1.0.3)
    active_hash (3.2.1)
      activesupport (>= 5.0.0)
    activejob (5.2.8.1)
      activesupport (= 5.2.8.1)
      globalid (>= 0.3.6)
    activemodel (5.2.8.1)
      activesupport (= 5.2.8.1)
    activerecord (5.2.8.1)
      activemodel (= 5.2.8.1)
      activesupport (= 5.2.8.1)
      arel (>= 9.0)
    activerecord-import (1.5.1)
      activerecord (>= 4.2)
    activestorage (5.2.8.1)
      actionpack (= 5.2.8.1)
      activerecord (= 5.2.8.1)
      marcel (~> 1.0.0)
    activesupport (5.2.8.1)
      concurrent-ruby (~> 1.0, >= 1.0.2)
      i18n (>= 0.7, < 2)
      minitest (~> 5.1)
      tzinfo (~> 1.1)
    addressable (2.8.6)
      public_suffix (>= 2.0.2, < 6.0)
    aes_key_wrap (1.1.0)
    airbrake (13.0.4)
      airbrake-ruby (~> 6.0)
    airbrake-ruby (6.2.2)
      rbtree3 (~> 0.6)
    arel (9.0.0)
    ast (2.4.2)
    attr_required (1.0.2)
    autoprefixer-rails (10.4.16.0)
      execjs (~> 2)
    awesome_print (1.9.2)
    base64 (0.2.0)
    bcrypt (3.1.20)
    bcrypt_pbkdf (1.1.0)
    bindata (2.4.15)
    bindex (0.8.1)
    biz (1.8.2)
      clavius (~> 1.0)
      tzinfo
    bootsnap (1.18.3)
      msgpack (~> 1.2)
    bootstrap-sass (3.4.1)
      autoprefixer-rails (>= 5.2.1)
      sassc (>= 2.0.0)
    builder (3.2.4)
    byebug (11.1.3)
    cancancan (3.5.0)
    capybara (3.36.0)
      addressable
      matrix
      mini_mime (>= 0.1.3)
      nokogiri (~> 1.8)
      rack (>= 1.6.0)
      rack-test (>= 0.6.3)
      regexp_parser (>= 1.5, < 3.0)
      xpath (~> 3.2)
    carrierwave (1.3.4)
      activemodel (>= 4.0.0)
      activesupport (>= 4.0.0)
      mime-types (>= 1.16)
      ssrf_filter (~> 1.0, < 1.1.0)
    chronic (0.10.2)
    clavius (1.0.4)
    cocoon (1.2.15)
    codeclimate-test-reporter (1.0.9)
      simplecov (<= 0.13)
    coderay (1.1.3)
    coffee-rails (5.0.0)
      coffee-script (>= 2.2.0)
      railties (>= 5.2.0)
    coffee-script (2.4.1)
      coffee-script-source
      execjs
    coffee-script-source (1.12.2)
    concurrent-ruby (1.2.3)
    crass (1.0.6)
    daemons (1.4.1)
    database_rewinder (1.0.0)
    date (3.3.4)
    date_validator (0.12.0)
      activemodel (>= 3)
      activesupport (>= 3)
    devise (4.9.3)
      bcrypt (~> 3.0)
      orm_adapter (~> 0.1)
      railties (>= 4.1.0)
      responders
      warden (~> 1.2.3)
    diff-lcs (1.5.1)
    docile (1.1.5)
    dotenv (2.8.1)
    dotenv-rails (2.8.1)
      dotenv (= 2.8.1)
      railties (>= 3.2)
    ed25519 (1.3.0)
    email_validator (2.2.4)
      activemodel
    erubi (1.12.0)
    execjs (2.9.1)
    factory_bot (4.11.1)
      activesupport (>= 3.0.0)
    factory_bot_rails (4.11.1)
      factory_bot (~> 4.11.1)
      railties (>= 3.0.0)
    faker (2.22.0)
      i18n (>= 1.8.11, < 2)
    faraday (2.8.1)
      base64
      faraday-net_http (>= 2.0, < 3.1)
      ruby2_keywords (>= 0.0.4)
    faraday-follow_redirects (0.3.0)
      faraday (>= 1, < 3)
    faraday-net_http (3.0.2)
    ffi (1.16.3)
    flatpickr (4.6.13.1)
    flowdock (0.7.1)
      httparty (~> 0.7)
      multi_json
    fluent-logger (0.9.1)
      msgpack (>= 1.0.0, < 2)
    globalid (1.1.0)
      activesupport (>= 5.0)
    haml (6.3.0)
      temple (>= 0.8.2)
      thor
      tilt
    hashie (5.0.0)
    httparty (0.21.0)
      mini_mime (>= 1.0.0)
      multi_xml (>= 0.5.2)
    i18n (1.14.1)
      concurrent-ruby (~> 1.0)
    i18n-debug (1.2.0)
      i18n (< 2)
    jaro_winkler (1.5.6)
    jbuilder (2.11.5)
      actionview (>= 5.0.0)
      activesupport (>= 5.0.0)
    jquery-rails (4.6.0)
      rails-dom-testing (>= 1, < 3)
      railties (>= 4.2.0)
      thor (>= 0.14, < 2.0)
    json (2.7.1)
    json-jwt (1.16.5)
      activesupport (>= 4.2)
      aes_key_wrap
      base64
      bindata
      faraday (~> 2.0)
      faraday-follow_redirects
    kaminari (1.2.2)
      activesupport (>= 4.1.0)
      kaminari-actionview (= 1.2.2)
      kaminari-activerecord (= 1.2.2)
      kaminari-core (= 1.2.2)
    kaminari-actionview (1.2.2)
      actionview
      kaminari-core (= 1.2.2)
    kaminari-activerecord (1.2.2)
      activerecord
      kaminari-core (= 1.2.2)
    kaminari-core (1.2.2)
    launchy (2.5.2)
      addressable (~> 2.8)
    letter_opener (1.8.1)
      launchy (>= 2.2, < 3)
    listen (3.8.0)
      rb-fsevent (~> 0.10, >= 0.10.3)
      rb-inotify (~> 0.9, >= 0.9.10)
    lograge (0.14.0)
      actionpack (>= 4)
      activesupport (>= 4)
      railties (>= 4)
      request_store (~> 1.0)
    logstash-event (1.2.02)
    loofah (2.22.0)
      crass (~> 1.0.2)
      nokogiri (>= 1.12.0)
    mail (2.8.1)
      mini_mime (>= 0.1.1)
      net-imap
      net-pop
      net-smtp
    marcel (1.0.2)
    matrix (0.4.2)
    method_source (1.0.0)
    mime-types (3.5.2)
      mime-types-data (~> 3.2015)
    mime-types-data (3.2023.1205)
    mini_mime (1.1.5)
    minitest (5.22.0)
    momentjs-rails (2.29.4.1)
      railties (>= 3.1)
    msgpack (1.7.2)
    multi_json (1.15.0)
    multi_xml (0.6.0)
    mustermann (3.0.0)
      ruby2_keywords (~> 0.0.1)
    net-imap (0.3.7)
      date
      net-protocol
    net-pop (0.1.2)
      net-protocol
    net-protocol (0.2.2)
      timeout
    net-smtp (0.4.0.1)
      net-protocol
    nio4r (2.7.0)
    nokogiri (1.13.10-x86_64-darwin)
      racc (~> 1.4)
    nokogiri (1.13.10-x86_64-linux)
      racc (~> 1.4)
    omniauth (2.1.2)
      hashie (>= 3.4.6)
      rack (>= 2.2.3)
      rack-protection
    omniauth_openid_connect (0.7.1)
      omniauth (>= 1.9, < 3)
      openid_connect (~> 2.2)
    openid_connect (2.3.0)
      activemodel
      attr_required (>= 1.0.0)
      email_validator
      faraday (~> 2.0)
      faraday-follow_redirects
      json-jwt (>= 1.16)
      mail
      rack-oauth2 (~> 2.2)
      swd (~> 2.0)
      tzinfo
      validate_url
      webfinger (~> 2.0)
    orm_adapter (0.5.0)
    parallel (1.24.0)
    paranoia (2.6.3)
      activerecord (>= 5.1, < 7.2)
    parser (3.3.0.5)
      ast (~> 2.4.1)
      racc
    pg (0.21.0)
    pivot_table (1.0.0)
    pry (0.13.1)
      coderay (~> 1.1)
      method_source (~> 1.0)
    pry-byebug (3.9.0)
      byebug (~> 11.0)
      pry (~> 0.13.0)
    public_suffix (5.0.4)
    puma (5.6.8)
      nio4r (~> 2.0)
    racc (1.7.3)
    rack (2.2.8)
    rack-mini-profiler (0.10.7)
      rack (>= 1.2.0)
    rack-oauth2 (2.2.1)
      activesupport
      attr_required
      faraday (~> 2.0)
      faraday-follow_redirects
      json-jwt (>= 1.11.0)
      rack (>= 2.1.0)
    rack-protection (3.2.0)
      base64 (>= 0.1.0)
      rack (~> 2.2, >= 2.2.4)
    rack-test (2.1.0)
      rack (>= 1.3)
    rails (5.2.8.1)
      actioncable (= 5.2.8.1)
      actionmailer (= 5.2.8.1)
      actionpack (= 5.2.8.1)
      actionview (= 5.2.8.1)
      activejob (= 5.2.8.1)
      activemodel (= 5.2.8.1)
      activerecord (= 5.2.8.1)
      activestorage (= 5.2.8.1)
      activesupport (= 5.2.8.1)
      bundler (>= 1.3.0)
      railties (= 5.2.8.1)
      sprockets-rails (>= 2.0.0)
    rails-controller-testing (1.0.5)
      actionpack (>= 5.0.1.rc1)
      actionview (>= 5.0.1.rc1)
      activesupport (>= 5.0.1.rc1)
    rails-dom-testing (2.2.0)
      activesupport (>= 5.0.0)
      minitest
      nokogiri (>= 1.6)
    rails-html-sanitizer (1.5.0)
      loofah (~> 2.19, >= 2.19.1)
    rails-observers (0.1.5)
      activemodel (>= 4.0)
    railties (5.2.8.1)
      actionpack (= 5.2.8.1)
      activesupport (= 5.2.8.1)
      method_source
      rake (>= 0.8.7)
      thor (>= 0.19.0, < 2.0)
    rainbow (3.1.1)
    rake (13.1.0)
    ransack (2.5.0)
      activerecord (>= 5.2.4)
      activesupport (>= 5.2.4)
      i18n
    rb-fsevent (0.11.2)
    rb-inotify (0.10.1)
      ffi (~> 1.0)
    rbtree3 (0.7.1)
    regexp_parser (2.9.0)
    request_store (1.5.1)
      rack (>= 1.4)
    responders (3.1.1)
      actionpack (>= 5.2)
      railties (>= 5.2)
    rspec-core (3.13.0)
      rspec-support (~> 3.13.0)
    rspec-expectations (3.13.0)
      diff-lcs (>= 1.2.0, < 2.0)
      rspec-support (~> 3.13.0)
    rspec-mocks (3.13.0)
      diff-lcs (>= 1.2.0, < 2.0)
      rspec-support (~> 3.13.0)
    rspec-rails (5.1.2)
      actionpack (>= 5.2)
      activesupport (>= 5.2)
      railties (>= 5.2)
      rspec-core (~> 3.10)
      rspec-expectations (~> 3.10)
      rspec-mocks (~> 3.10)
      rspec-support (~> 3.10)
    rspec-support (3.13.0)
    rubocop (0.69.0)
      jaro_winkler (~> 1.5.1)
      parallel (~> 1.10)
      parser (>= 2.6)
      rainbow (>= 2.2.2, < 4.0)
      ruby-progressbar (~> 1.7)
      unicode-display_width (>= 1.4.0, < 1.7)
    rubocop-performance (1.3.0)
      rubocop (>= 0.68.0)
    ruby-progressbar (1.13.0)
    ruby2_keywords (0.0.5)
    sassc (2.4.0)
      ffi (~> 1.9)
    sassc-rails (2.1.2)
      railties (>= 4.0.0)
      sassc (>= 2.0)
      sprockets (> 3.0)
      sprockets-rails
      tilt
    seed-fu (2.3.9)
      activerecord (>= 3.1)
      activesupport (>= 3.1)
    settingslogic (2.0.9)
    shoulda-callback-matchers (1.1.4)
      activesupport (>= 3)
    shoulda-matchers (5.3.0)
      activesupport (>= 5.2.0)
    simple_form (5.3.0)
      actionpack (>= 5.2)
      activemodel (>= 5.2)
    simplecov (0.13.0)
      docile (~> 1.1.0)
      json (>= 1.8, < 3)
      simplecov-html (~> 0.10.0)
    simplecov-html (0.10.2)
    sinatra (3.2.0)
      mustermann (~> 3.0)
      rack (~> 2.2, >= 2.2.4)
      rack-protection (= 3.2.0)
      tilt (~> 2.0)
    spring (2.1.1)
    spring-watcher-listen (2.0.1)
      listen (>= 2.7, < 4.0)
      spring (>= 1.2, < 3.0)
    sprockets (4.2.1)
      concurrent-ruby (~> 1.0)
      rack (>= 2.2.4, < 4)
    sprockets-rails (3.4.2)
      actionpack (>= 5.2)
      activesupport (>= 5.2)
      sprockets (>= 3.0.0)
    ssrf_filter (1.0.8)
    swd (2.0.3)
      activesupport (>= 3)
      attr_required (>= 0.0.5)
      faraday (~> 2.0)
      faraday-follow_redirects
    temple (0.10.3)
    thor (1.3.0)
    thread_safe (0.3.6)
    tilt (2.3.0)
    timecop (0.9.8)
    timeout (0.4.1)
    turbolinks (5.2.1)
      turbolinks-source (~> 5.2)
    turbolinks-source (5.2.0)
    tzinfo (1.2.11)
      thread_safe (~> 0.1)
    uglifier (4.2.0)
      execjs (>= 0.3.0, < 3)
    unicode-display_width (1.6.1)
    validate_url (1.0.15)
      activemodel (>= 3.0.0)
      public_suffix
    warden (1.2.9)
      rack (>= 2.0.9)
    web-console (3.7.0)
      actionview (>= 5.0)
      activemodel (>= 5.0)
      bindex (>= 0.4.0)
      railties (>= 5.0)
    webfinger (2.1.3)
      activesupport
      faraday (~> 2.0)
      faraday-follow_redirects
    websocket-driver (0.7.6)
      websocket-extensions (>= 0.1.0)
    websocket-extensions (0.1.5)
    whenever (1.0.0)
      chronic (>= 0.6.3)
    xpath (3.2.0)
      nokogiri (~> 1.8)

PLATFORMS
  x86_64-darwin-21
  x86_64-linux

DEPENDENCIES
  aasm (~> 4)
  act-fluent-logger-rails
  active_hash
  activerecord-import
  airbrake (~> 13.0)
  awesome_print
  bcrypt_pbkdf
  biz
  bootsnap
  bootstrap-sass
  byebug
  cancancan
  capybara (~> 3.28)
  carrierwave (~> 1.2, >= 1.2.3)
  cocoon
  codeclimate-test-reporter (~> 1.0.9)
  coffee-rails
  daemons
  database_rewinder
  date_validator
  devise (~> 4)
  dotenv-rails (~> 2)
  ed25519
  factory_bot_rails (~> 4)
  faker (~> 2)
  flatpickr
  flowdock
  haml
  i18n-debug
  jbuilder (~> 2.0)
  jquery-rails
  kaminari
  letter_opener
  listen
  lograge
  logstash-event
  momentjs-rails
  omniauth
  omniauth_openid_connect
  paranoia (~> 2.2)
  pg (~> 0.18)
  pivot_table
  pry-byebug
  puma (~> 5.0)
  rack-mini-profiler (~> 0.10.1)
  rails (= 5.2.8.1)
  rails-controller-testing
  rails-observers
  ransack (~> 2)
  rspec-rails
  rubocop (= 0.69.0)
  rubocop-performance
  sassc-rails
  seed-fu
  settingslogic
  shoulda-callback-matchers
  shoulda-matchers
  simple_form
  simplecov (<= 0.13)
  sinatra
  spring
  spring-watcher-listen
  timecop
  turbolinks (~> 5.x)
  tzinfo-data
  uglifier (>= 1.3.0)
  web-console (= 3.7.0)
  whenever

BUNDLED WITH
   2.3.27
